PATH
  remote: .
  specs:
    hoosegow (1.2.4)
      docker-api (~> 1.19)
      msgpack (~> 0.5, >= 0.5.6)
      yajl-ruby (~> 1.1, >= 1.1.0)

GEM
  remote: https://rubygems.org/
  specs:
    diff-lcs (1.2.4)
    docker-api (1.23.0)
      excon (>= 0.38.0)
      json
    excon (0.45.4)
    json (1.8.3)
    msgpack (0.7.1)
    rake (10.5.0)
    rspec (2.14.1)
      rspec-core (~> 2.14.0)
      rspec-expectations (~> 2.14.0)
      rspec-mocks (~> 2.14.0)
    rspec-core (2.14.5)
    rspec-expectations (2.14.3)
      diff-lcs (>= 1.1.3, < 2.0)
    rspec-mocks (2.14.3)
    yajl-ruby (1.4.1)

PLATFORMS
  ruby

DEPENDENCIES
  hoosegow!
  rake
  rspec (~> 2.14, >= 2.14.1)

BUNDLED WITH
   1.10.6
